GEM
  remote: https://rubygems.org/
  specs:
    builder (3.2.2)
    digest (0.0.1)
    json (1.8.3)
    minitest (5.8.4)

PLATFORMS
  ruby

DEPENDENCIES
  builder
  digest
  json
  minitest

RUBY VERSION
   ruby 2.1.1p76

BUNDLED WITH
   1.15.3
